GEM
  remote: https://rubygems.org/
  specs:
    POpen4 (0.1.4)
      Platform (>= 0.4.0)
      open4
    Platform (0.4.0)
    coffee-script (2.2.0)
      coffee-script-source
      execjs
    coffee-script-source (1.6.2)
    execjs (1.4.0)
      multi_json (~> 1.0)
    exojs (0.1.2)
    hike (1.2.1)
    listen (0.7.3)
    multi_json (1.7.2)
    open4 (1.3.0)
    rack (1.5.2)
    rb-fsevent (0.9.3)
    sass (3.2.7)
    sprockets (2.9.0)
      hike (~> 1.2)
      multi_json (~> 1.0)
      rack (~> 1.0)
      tilt (~> 1.1, != 1.3.0)
    sprockets-commonjs (0.0.5)
      sprockets (~> 2.1)
    thor (0.18.1)
    tilt (1.3.6)
    uglifier (1.3.0)
      execjs (>= 0.3.0)
      multi_json (~> 1.0, >= 1.0.2)
    yui-compressor (0.9.6)
      POpen4 (>= 0.1.4)

PLATFORMS
  ruby

DEPENDENCIES
  coffee-script
  exojs
  listen
  rb-fsevent
  sass
  sprockets
  sprockets-commonjs
  thor
  uglifier
  yui-compressor
